PATH
  remote: .
  specs:
    onsen_cli (0.2.0)
      colorize
      launchy
      nokogiri
      thor

GEM
  remote: https://rubygems.org/
  specs:
    addressable (2.5.2)
      public_suffix (>= 2.0.2, < 4.0)
    colorize (0.8.1)
    launchy (2.4.3)
      addressable (~> 2.3)
    mini_portile2 (2.4.0)
    nokogiri (1.10.0)
      mini_portile2 (~> 2.4.0)
    public_suffix (3.0.3)
    rake (10.5.0)
    thor (0.20.3)

PLATFORMS
  ruby

DEPENDENCIES
  bundler (~> 2.0)
  onsen_cli!
  rake (~> 10.0)

BUNDLED WITH
   2.0.1
