PATH
  remote: .
  specs:
    onsen_cli (0.1.0)
      colorize
      launchy
      terminal-table
      thor

GEM
  remote: https://rubygems.org/
  specs:
    addressable (2.5.2)
      public_suffix (>= 2.0.2, < 4.0)
    colorize (0.8.1)
    launchy (2.4.3)
      addressable (~> 2.3)
    public_suffix (3.0.3)
    rake (10.5.0)
    terminal-table (1.8.0)
      unicode-display_width (~> 1.1, >= 1.1.1)
    thor (0.20.3)
    unicode-display_width (1.4.1)

PLATFORMS
  ruby

DEPENDENCIES
  bundler (~> 2.0)
  onsen_cli!
  rake (~> 10.0)

BUNDLED WITH
   2.0.0
